GEM
  remote: http://rubygems.org/
  specs:
    activesupport (3.0.0)
    rake (0.9.2.2)
    term-ansicolor (1.0.7)

PLATFORMS
  ruby

DEPENDENCIES
  activesupport
  rake
  term-ansicolor
