GEM
  remote: http://rubygems.org/
  specs:
    activesupport (3.0.0)
    rake (10.4.2)
    term-ansicolor (1.0.7)

PLATFORMS
  ruby

DEPENDENCIES
  activesupport
  rake
  term-ansicolor

BUNDLED WITH
   1.10.6
